##TITLE= Parameter file, TOPSPIN		Version 3.2
##JCAMPDX= 5.0
##DATATYPE= Parameter Values
##NPOINTS= 4510	$$ modification sequence number
##ORIGIN= Bruker BioSpin GmbH
##OWNER= nmrsu
$$ 2020-06-02 16:32:15.944 +0200  opetrov@ntc2
$$ /opt/topspin3.2/conf/instr/spect/specpar
$$ process /opt/topspin3.2/prog/mod/cprserver
##$ANCIEN= (0..7)
0 0 0 0 0 0 0 0
##$BF1= 100.13
##$BF2= 100.13
##$BF3= 100.13
##$DEC= 1
##$DECB= 1
##$DEF19F= yes
##$DEFRSEL= yes
##$HPMOD= (0..7)
0 0 0 0 0 0 0 0
##$HPPRECH= (0..15)
-1 -1 -1 -1 -1 -1 -1 -1 -1 -1 -1 -1 -1 -1 -1 -1
##$LOCSW19F= -1
##$LOCSW2H= -1
##$NUC1= 20
##$NUC2= 1
##$NUC3= 0
##$NUC4= 0
##$NUC5= 0
##$NUC6= 0
##$NUC7= 0
##$NUC8= 0
##$NUCARR= (0..123)
500.45 500.45 76.82212204 533.799857883 381.239992467 73.646652387 194.493872087
70.322298159 53.766636461 160.564247883 125.83825259 36.151932483 50.710158104
67.843289057 470.89347805 39.507004332 132.37853355 30.635722358 130.401550866
99.425337342 202.585873339 38.414542 49.033635591 40.815325763 23.352863679
12.818050873 33.680430131 121.568047862 28.213038903 28.220560667 49.896411391
131.633103266 28.287916232 124.057641481 16.203460001 118.742141833 44.72046723
132.696684629 142.146281619 31.312170614 120.114776093 152.620755168 17.457272418
85.690121763 95.443386809 26.112089749 125.38264291 135.154119331 19.2553142
48.318162244 163.749512043 21.688612199 24.523040891 46.523323341 122.490992765
32.613956167 33.298416628 112.642917467 23.04647818 25.83007116 15.946574012
22.90109245 20.257310186 23.288605899 106.17286966 111.065744288 109.427170898
109.661751831 163.740979371 178.321640166 186.620967844 119.760572597 64.854401477
130.966473839 157.890818961 100.127463687 139.176075837 41.256702645 65.639732639
49.716990057 55.614648176 66.03087435 70.691770385 153.23779 27.274525
16.81512 20.868765 17.21548 124.41187 54.94941 15.363815 20.168135 120.30818
17.21548 24.12169 106.79603 14.41296 41.487305 87.575276877 24.1266945
57.071318 40.6915895 20.0530315 12.5963265 60.0019532 20.850683742 112.7243607
113.8603822 11.42192549 38.8619443 8.597731 9.3634195 107.580655528 8.6527805
89.634708699 33.087667124 285.8730544 288.678767271 104.697137696 80.418751796
9.2152863 100 100 100
##$OBS= 1
##$OFFSF= (0..7)
0 0 0 0 0 0 0 0
##$OFFSH= (0..7)
1200 0 0 0 0 0 0 0
##$OFFSX= (0..7)
4255 0 0 0 0 0 0 0
##$OFFSXAS= (0..7)
0 0 0 0 0 0 0 0
##$OFSF1= 0
##$OFSF2= 0
##$OFSH1= 0
##$OFSH2= 0
##$OFSH3= 0
##$OFSX1= 0
##$OFSX2= 0
##$OFSY= 0
##$PACOIL= (0..15)
0 0 0 0 0 0 0 0 0 0 0 0 0 0 0 0
##$PRECHAN= (0..15)
-1 2 0 -1 3 -1 -1 -1 -1 -1 -1 -1 -1 -1 -1 -1
##$RECPRE= (0..15)
-1 0 -1 -1 -1 -1 -1 -1 -1 -1 -1 -1 -1 -1 -1 -1
##$RECSEL= (0..15)
0 0 0 1 0 0 0 0 0 0 0 0 0 0 0 0
##$SELREC= (0..9)
0 0 0 0 0 0 0 0 0 0
##$SFO1= 202.590128
##$SFO2= 500.4512
##$SFO3= 500.45
##$SFO4= 500.45
##$SFO5= 500.45
##$SFO6= 500.45
##$SFO7= 500.45
##$SFO8= 500.45
##$TY= (0..123)
0 0 0 0 0 0 0 0 0 0 0 0 0 0 0 0 0 0 0 0 0 0 0 0 0 0 0 0 0 0 0 0 0 0 0 0
0 0 0 0 0 0 0 0 0 0 0 0 0 0 0 0 0 0 0 0 0 0 0 0 0 0 0 0 0 0 0 0 0 0 0 0
0 0 0 0 0 0 0 0 0 0 0 0 0 0 0 0 0 0 0 0 0 0 0 0 0 0 0 0 0 0 0 0 0 0 0 0
0 0 0 0 0 0 0 0 0 0 0 0 0 0 0 0
##END=
